PATH
  remote: .
  specs:
    earl (0.1.0)
      async (~> 1.23)

GEM
  remote: https://rubygems.org/
  specs:
    async (1.23.0)
      console (~> 1.0)
      nio4r (~> 2.3)
      timers (~> 4.1)
    console (1.5.0)
    minitest (5.13.0)
    nio4r (2.5.2)
    timers (4.3.0)

PLATFORMS
  ruby

DEPENDENCIES
  earl!
  minitest (~> 5.0)

BUNDLED WITH
   1.17.2
