GIT
  remote: https://github.com/dsh0416/evt.git
  revision: 69eb821e132898d99708a3aa8bbe63f2f82bd0c8
  branch: master
  specs:
    evt (0.4.0)

PATH
  remote: .
  specs:
    earl (0.1.0)

GEM
  remote: https://rubygems.org/
  specs:
    ast (2.4.1)
    minitest (5.14.2)
    parallel (1.20.1)
    parser (3.0.0.0)
      ast (~> 2.4.1)
    rainbow (3.0.0)
    rake (13.0.3)
    regexp_parser (2.0.3)
    rexml (3.2.4)
    rubocop (1.4.2)
      parallel (~> 1.10)
      parser (>= 2.7.1.5)
      rainbow (>= 2.2.2, < 4.0)
      regexp_parser (>= 1.8)
      rexml
      rubocop-ast (>= 1.1.1)
      ruby-progressbar (~> 1.7)
      unicode-display_width (>= 1.4.0, < 2.0)
    rubocop-ast (1.3.0)
      parser (>= 2.7.1.5)
    rubocop-performance (1.9.1)
      rubocop (>= 0.90.0, < 2.0)
      rubocop-ast (>= 0.4.0)
    ruby-progressbar (1.10.1)
    standard (0.10.2)
      rubocop (= 1.4.2)
      rubocop-performance (= 1.9.1)
    unicode-display_width (1.7.0)

PLATFORMS
  ruby

DEPENDENCIES
  earl!
  evt!
  minitest (~> 5.0)
  rake
  standard

RUBY VERSION
   ruby 3.0.0p0

BUNDLED WITH
   2.2.15
