PATH
  remote: .
  specs:
    earl (0.1.0)
      async (~> 1.23)

GEM
  remote: https://rubygems.org/
  specs:
    ast (2.4.0)
    async (1.24.2)
      console (~> 1.0)
      nio4r (~> 2.3)
      timers (~> 4.1)
    console (1.8.2)
    jaro_winkler (1.5.4)
    minitest (5.14.0)
    nio4r (2.5.2)
    parallel (1.19.1)
    parser (2.7.0.3)
      ast (~> 2.4.0)
    rainbow (3.0.0)
    rexml (3.2.4)
    rubocop (0.80.1)
      jaro_winkler (~> 1.5.1)
      parallel (~> 1.10)
      parser (>= 2.7.0.1)
      rainbow (>= 2.2.2, < 4.0)
      rexml
      ruby-progressbar (~> 1.7)
      unicode-display_width (>= 1.4.0, < 1.7)
    ruby-progressbar (1.10.1)
    timers (4.3.0)
    unicode-display_width (1.6.1)

PLATFORMS
  ruby

DEPENDENCIES
  earl!
  minitest (~> 5.0)
  rubocop (~> 0.76)

BUNDLED WITH
   1.17.2
